GIT
  remote: git://github.com/elastic/elasticsearch-rails.git
  revision: 7bbe7ec89e9a31380e4a8f0bff886559d80dc27c
  branch: 6.x
  specs:
    elasticsearch-model (6.1.0)
      activesupport (> 3)
      elasticsearch (> 1)
      hashie
    elasticsearch-rails (6.1.0)

GIT
  remote: https://github.com/karafka/karafka.git
  revision: d70a7b71ab81a8f250a1aabd1f74b86f31e2c121
  branch: master
  specs:
    karafka (1.3.1)
      dry-configurable (~> 0.8)
      dry-inflector (~> 0.1)
      dry-monitor (~> 0.3)
      dry-validation (~> 1.2)
      envlogic (~> 1.1)
      irb (~> 1.0)
      multi_json (>= 1.12)
      rake (>= 11.3)
      ruby-kafka (>= 0.7.8)
      thor (~> 0.20)
      waterdrop (~> 1.3.0)
      zeitwerk (~> 2.1)

GIT
  remote: https://github.com/karafka/waterdrop.git
  revision: f623d5bcd5006ae8336a6a7b979b9e8e5efcda3d
  branch: master
  specs:
    waterdrop (1.3.1)
      delivery_boy (~> 0.2)
      dry-configurable (~> 0.8)
      dry-monitor (~> 0.3)
      dry-validation (~> 1.2)
      ruby-kafka (>= 0.7.8)
      zeitwerk (~> 2.1)

GEM
  remote: https://rubygems.org/
  specs:
    actioncable (5.2.3)
      actionpack (= 5.2.3)
      nio4r (~> 2.0)
      websocket-driver (>= 0.6.1)
    actionmailer (5.2.3)
      actionpack (= 5.2.3)
      actionview (= 5.2.3)
      activejob (= 5.2.3)
      mail (~> 2.5, >= 2.5.4)
      rails-dom-testing (~> 2.0)
    actionpack (5.2.3)
      actionview (= 5.2.3)
      activesupport (= 5.2.3)
      rack (~> 2.0)
      rack-test (>= 0.6.3)
      rails-dom-testing (~> 2.0)
      rails-html-sanitizer (~> 1.0, >= 1.0.2)
    actionview (5.2.3)
      activesupport (= 5.2.3)
      builder (~> 3.1)
      erubi (~> 1.4)
      rails-dom-testing (~> 2.0)
      rails-html-sanitizer (~> 1.0, >= 1.0.3)
    active_model_serializers (0.9.3)
      activemodel (>= 3.2)
    activejob (5.2.3)
      activesupport (= 5.2.3)
      globalid (>= 0.3.6)
    activemodel (5.2.3)
      activesupport (= 5.2.3)
    activerecord (5.2.3)
      activemodel (= 5.2.3)
      activesupport (= 5.2.3)
      arel (>= 9.0)
    activerecord-import (1.0.3)
      activerecord (>= 3.2)
    activestorage (5.2.3)
      actionpack (= 5.2.3)
      activerecord (= 5.2.3)
      marcel (~> 0.3.1)
    activesupport (5.2.3)
      concurrent-ruby (~> 1.0, >= 1.0.2)
      i18n (>= 0.7, < 2)
      minitest (~> 5.1)
      tzinfo (~> 1.1)
    arel (9.0.0)
    bootsnap (1.4.5)
      msgpack (~> 1.0)
    builder (3.2.3)
    byebug (11.0.1)
    chronic (0.10.2)
    concurrent-ruby (1.1.5)
    crass (1.0.5)
    delivery_boy (0.2.8)
      king_konf (~> 0.3)
      ruby-kafka (~> 0.7.8)
    digest-crc (0.4.1)
    dry-configurable (0.9.0)
      concurrent-ruby (~> 1.0)
      dry-core (~> 0.4, >= 0.4.7)
    dry-container (0.7.2)
      concurrent-ruby (~> 1.0)
      dry-configurable (~> 0.1, >= 0.1.3)
    dry-core (0.4.9)
      concurrent-ruby (~> 1.0)
    dry-equalizer (0.3.0)
    dry-events (0.2.0)
      concurrent-ruby (~> 1.0)
      dry-core (~> 0.4)
      dry-equalizer (~> 0.2)
    dry-inflector (0.2.0)
    dry-initializer (3.0.2)
    dry-logic (1.0.5)
      concurrent-ruby (~> 1.0)
      dry-core (~> 0.2)
      dry-equalizer (~> 0.2)
    dry-monitor (0.3.1)
      dry-configurable (~> 0.5)
      dry-core (~> 0.4)
      dry-equalizer (~> 0.2)
      dry-events (~> 0.1)
    dry-schema (1.4.1)
      concurrent-ruby (~> 1.0)
      dry-configurable (~> 0.8, >= 0.8.3)
      dry-core (~> 0.4)
      dry-equalizer (~> 0.2)
      dry-initializer (~> 3.0)
      dry-logic (~> 1.0)
      dry-types (~> 1.2)
    dry-types (1.2.1)
      concurrent-ruby (~> 1.0)
      dry-container (~> 0.3)
      dry-core (~> 0.4, >= 0.4.4)
      dry-equalizer (~> 0.2, >= 0.2.2)
      dry-inflector (~> 0.1, >= 0.1.2)
      dry-logic (~> 1.0, >= 1.0.2)
    dry-validation (1.3.1)
      concurrent-ruby (~> 1.0)
      dry-container (~> 0.7, >= 0.7.1)
      dry-core (~> 0.4)
      dry-equalizer (~> 0.2)
      dry-initializer (~> 3.0)
      dry-schema (~> 1.0, >= 1.3.1)
    elasticsearch (7.4.0)
      elasticsearch-api (= 7.4.0)
      elasticsearch-transport (= 7.4.0)
    elasticsearch-api (7.4.0)
      multi_json
    elasticsearch-transport (7.4.0)
      faraday
      multi_json
    envlogic (1.1.0)
      dry-inflector (~> 0.1)
    erubi (1.9.0)
    faraday (0.17.0)
      multipart-post (>= 1.2, < 3)
    ffi (1.11.2)
    globalid (0.4.2)
      activesupport (>= 4.2.0)
    hashie (4.0.0)
    i18n (1.7.0)
      concurrent-ruby (~> 1.0)
    irb (1.1.0)
      reline (>= 0.0.1)
    king_konf (0.3.7)
    listen (3.1.5)
      rb-fsevent (~> 0.9, >= 0.9.4)
      rb-inotify (~> 0.9, >= 0.9.7)
      ruby_dep (~> 1.2)
    loofah (2.3.1)
      crass (~> 1.0.2)
      nokogiri (>= 1.5.9)
    mail (2.7.1)
      mini_mime (>= 0.1.1)
    marcel (0.3.3)
      mimemagic (~> 0.3.2)
    method_source (0.9.2)
    mimemagic (0.3.10)
      nokogiri (~> 1)
      rake
    mini_mime (1.0.2)
    mini_portile2 (2.8.0)
    minitest (5.13.0)
    msgpack (1.3.1)
    multi_json (1.14.1)
    multipart-post (2.1.1)
    mysql2 (0.5.2)
    nio4r (2.5.2)
    nokogiri (1.13.3)
      mini_portile2 (~> 2.8.0)
      racc (~> 1.4)
    puma (3.12.1)
    racc (1.6.0)
    rack (2.0.7)
    rack-test (1.1.0)
      rack (>= 1.0, < 3)
    rails (5.2.3)
      actioncable (= 5.2.3)
      actionmailer (= 5.2.3)
      actionpack (= 5.2.3)
      actionview (= 5.2.3)
      activejob (= 5.2.3)
      activemodel (= 5.2.3)
      activerecord (= 5.2.3)
      activestorage (= 5.2.3)
      activesupport (= 5.2.3)
      bundler (>= 1.3.0)
      railties (= 5.2.3)
      sprockets-rails (>= 2.0.0)
    rails-dom-testing (2.0.3)
      activesupport (>= 4.2.0)
      nokogiri (>= 1.6)
    rails-html-sanitizer (1.3.0)
      loofah (~> 2.3)
    railties (5.2.3)
      actionpack (= 5.2.3)
      activesupport (= 5.2.3)
      method_source
      rake (>= 0.8.7)
      thor (>= 0.19.0, < 2.0)
    rake (13.0.1)
    rb-fsevent (0.10.3)
    rb-inotify (0.10.0)
      ffi (~> 1.0)
    redis (4.1.3)
    reline (0.0.7)
    ruby-kafka (0.7.10)
      digest-crc
    ruby_dep (1.5.0)
    spring (2.1.0)
    spring-watcher-listen (2.0.1)
      listen (>= 2.7, < 4.0)
      spring (>= 1.2, < 3.0)
    sprockets (4.0.0)
      concurrent-ruby (~> 1.0)
      rack (> 1, < 3)
    sprockets-rails (3.2.1)
      actionpack (>= 4.0)
      activesupport (>= 4.0)
      sprockets (>= 3.0.0)
    thor (0.20.3)
    thread_safe (0.3.6)
    tzinfo (1.2.5)
      thread_safe (~> 0.1)
    websocket-driver (0.7.1)
      websocket-extensions (>= 0.1.0)
    websocket-extensions (0.1.4)
    whenever (1.0.0)
      chronic (>= 0.6.3)
    zeitwerk (2.2.1)

PLATFORMS
  ruby

DEPENDENCIES
  active_model_serializers (= 0.9.3)
  activerecord-import
  bootsnap (>= 1.1.0)
  byebug
  elasticsearch-model!
  elasticsearch-rails!
  karafka!
  listen (>= 3.0.5, < 3.2)
  mysql2
  puma (~> 3.11)
  rails (~> 5.2.3)
  redis (~> 4.0)
  spring
  spring-watcher-listen (~> 2.0.0)
  tzinfo-data
  waterdrop!
  whenever

RUBY VERSION
   ruby 2.6.3p62

BUNDLED WITH
   1.17.2
